PATH
  remote: .
  specs:
    will_paginate_renderers (0.0.2)
      will_paginate (~> 3.0)

GEM
  remote: http://rubygems.org/
  specs:
    diff-lcs (1.1.2)
    mocha (0.9.8)
      rake
    rake (0.8.7)
    rspec (2.6.0)
      rspec-core (~> 2.6.0)
      rspec-expectations (~> 2.6.0)
      rspec-mocks (~> 2.6.0)
    rspec-core (2.6.4)
    rspec-expectations (2.6.0)
      diff-lcs (~> 1.1.2)
    rspec-mocks (2.6.0)
    will_paginate (3.0.0)
    yard (0.6.1)

PLATFORMS
  ruby

DEPENDENCIES
  mocha (~> 0.9)
  rspec (~> 2.6)
  will_paginate_renderers!
  yard
